GIT
  remote: git@github.com:sferik/twitter.git
  revision: a5aaf321fcdf40a576d3794aed5921322b87163a
  specs:
    twitter (5.0.0.rc.1)
      buftok (~> 0.1.0)
      descendants_tracker (~> 0.0.1)
      equalizer (~> 0.0.7)
      faraday (>= 0.8, < 0.10)
      http (~> 0.5.0)
      http_parser.rb (~> 0.5.0)
      json (~> 1.8)
      simple_oauth (~> 0.2.0)
      thread_safe (~> 0.1.3)

GEM
  remote: https://rubygems.org/
  specs:
    activesupport (4.0.0)
      i18n (~> 0.6, >= 0.6.4)
      minitest (~> 4.2)
      multi_json (~> 1.3)
      thread_safe (~> 0.1)
      tzinfo (~> 0.3.37)
    atomic (1.1.14)
    atomic (1.1.14-java)
    buftok (0.1)
    coderay (1.0.9)
    descendants_tracker (0.0.3)
    diff-lcs (1.1.3)
    equalizer (0.0.7)
    faraday (0.8.8)
      multipart-post (~> 1.2.0)
    ffi (1.9.0-java)
    hiredis (0.4.5)
    http (0.5.0)
      http_parser.rb
    http_parser.rb (0.5.3)
    i18n (0.6.5)
    json (1.8.0)
    json (1.8.0-java)
    method_source (0.8.2)
    minitest (4.7.5)
    multi_json (1.8.1)
    multipart-post (1.2.0)
    pry (0.9.12.2)
      coderay (~> 1.0.5)
      method_source (~> 0.8)
      slop (~> 3.4)
    pry (0.9.12.2-java)
      coderay (~> 1.0.5)
      method_source (~> 0.8)
      slop (~> 3.4)
      spoon (~> 0.0)
    rake (10.1.0)
    redis (3.0.5)
    redstorm (0.6.6)
      rake
    rspec (2.11.0)
      rspec-core (~> 2.11.0)
      rspec-expectations (~> 2.11.0)
      rspec-mocks (~> 2.11.0)
    rspec-core (2.11.1)
    rspec-expectations (2.11.3)
      diff-lcs (~> 1.1.3)
    rspec-mocks (2.11.3)
    simple_oauth (0.2.0)
    slop (3.4.6)
    spoon (0.0.4)
      ffi
    thread_safe (0.1.3)
      atomic
    thread_safe (0.1.3-java)
      atomic
    twitter-text (1.5.0)
      activesupport
    tzinfo (0.3.38)

PLATFORMS
  java
  ruby

DEPENDENCIES
  hiredis (~> 0.4.5)
  json
  pry
  rake
  redis (~> 3.0.2)
  redstorm
  rspec (~> 2.11.0)
  twitter!
  twitter-text (~> 1.5.0)
